GEM
  remote: http://bts.tenginefw.com/gemserver/
  remote: http://rubygems.org/
  specs:
    ZenTest (4.6.2)
    activemodel (3.1.3)
      activesupport (= 3.1.3)
      builder (~> 3.0.0)
      i18n (~> 0.6)
    activesupport (3.1.3)
      multi_json (~> 1.0)
    amq-client (0.8.6)
      amq-protocol (>= 0.8.4)
      eventmachine
    amq-protocol (0.8.4)
    amqp (0.8.3)
      amq-client (~> 0.8.6)
      amq-protocol (~> 0.8.4)
      eventmachine
    bson (1.4.0)
    bson_ext (1.4.0)
    builder (3.0.0)
    daemons (1.1.4)
    diff-lcs (1.1.3)
    eventmachine (0.12.10)
    factory_girl (2.1.2)
      activesupport
    git (1.2.5)
    i18n (0.6.0)
    jeweler (1.6.4)
      bundler (~> 1.0)
      git (>= 1.2.5)
      rake
    json (1.6.1)
    macaddr (1.5.0)
      systemu (>= 2.4.0)
    mongo (1.4.0)
      bson (= 1.4.0)
    mongoid (2.3.3)
      activemodel (~> 3.1)
      mongo (~> 1.3)
      tzinfo (~> 0.3.22)
    multi_json (1.0.3)
    net-ssh (2.2.1)
    rake (0.9.2.2)
    right_aws (2.1.0)
      right_http_connection (>= 1.2.5)
    right_http_connection (1.3.0)
    rspec (2.6.0)
      rspec-core (~> 2.6.0)
      rspec-expectations (~> 2.6.0)
      rspec-mocks (~> 2.6.0)
    rspec-core (2.6.4)
    rspec-expectations (2.6.0)
      diff-lcs (~> 1.1.2)
    rspec-mocks (2.6.0)
    selectable_attr (0.3.15)
      i18n
    simplecov (0.5.4)
      multi_json (~> 1.0.3)
      simplecov-html (~> 0.5.3)
    simplecov-html (0.5.3)
    systemu (2.4.1)
    tengine_core (0.4.2)
      activemodel (~> 3.1.0)
      activesupport (~> 3.1.0)
      bson (~> 1.4.0)
      bson_ext (~> 1.4.0)
      daemons (~> 1.1.4)
      mongo (~> 1.4.0)
      mongoid (~> 2.3.3)
      selectable_attr (~> 0.3.15)
      tengine_event (~> 0.3.3)
      tengine_support (~> 0.3.12)
    tengine_event (0.3.6)
      activesupport (>= 3.0.0)
      amqp (~> 0.8.0)
      uuid (~> 2.3.4)
    tengine_support (0.3.16)
      activesupport (>= 3.0.0)
    tzinfo (0.3.31)
    uuid (2.3.4)
      macaddr (~> 1.0)
    wakame-adapters-tengine (0.0.3)
      json
      right_aws (= 2.1.0)
      rspec
    yard (0.7.3)

PLATFORMS
  ruby

DEPENDENCIES
  ZenTest (~> 4.6.2)
  bundler (~> 1.0.18)
  factory_girl (~> 2.1.2)
  jeweler (~> 1.6.4)
  net-ssh (~> 2.2.1)
  right_aws (~> 2.1.0)
  rspec (~> 2.6.0)
  simplecov (~> 0.5.3)
  tengine_core (~> 0.4.0)
  tengine_support (~> 0.3.12)
  wakame-adapters-tengine (~> 0.0.0)
  yard (~> 0.7.2)
